PATH
  remote: .
  specs:
    piwik_integration (0.1.0)

GEM
  remote: https://rubygems.org/
  specs:
    rake (10.5.0)

PLATFORMS
  ruby

DEPENDENCIES
  bundler (~> 1.14)
  piwik_integration!
  rake (~> 10.0)

BUNDLED WITH
   1.14.3
